PATH
  remote: .
  specs:
    picfisher (0.2.3)
      minitest (~> 5.16)
      open-uri (~> 0.4.1)
      uri (~> 0.13.0)

GEM
  remote: https://rubygems.org/
  specs:
    addressable (2.8.6)
      public_suffix (>= 2.0.2, < 6.0)
    ast (2.4.2)
    crack (0.4.5)
      rexml
    date (3.3.4)
    hashdiff (1.0.1)
    minitest (5.23.1)
    mocha (2.3.0)
      ruby2_keywords (>= 0.0.5)
    open-uri (0.4.1)
      stringio
      time
      uri
    parallel (1.22.1)
    parser (3.3.1.0)
      ast (~> 2.4.1)
      racc
    public_suffix (5.0.5)
    racc (1.8.0)
    rainbow (3.1.1)
    rake (13.2.1)
    regexp_parser (2.9.2)
    rexml (3.2.8)
      strscan (>= 3.0.9)
    rubocop (1.27.0)
      parallel (~> 1.10)
      parser (>= 3.1.0.0)
      rainbow (>= 2.2.2, < 4.0)
      regexp_parser (>= 1.8, < 3.0)
      rexml
      rubocop-ast (>= 1.16.0, < 2.0)
      ruby-progressbar (~> 1.7)
      unicode-display_width (>= 1.4.0, < 3.0)
    rubocop-ast (1.17.0)
      parser (>= 3.1.1.0)
    ruby-progressbar (1.13.0)
    ruby2_keywords (0.0.5)
    stringio (3.1.0)
    strscan (3.1.0)
    time (0.2.0)
      date
    unicode-display_width (2.5.0)
    uri (0.13.0)
    webmock (3.23.1)
      addressable (>= 2.8.0)
      crack (>= 0.3.2)
      hashdiff (>= 0.4.0, < 2.0.0)

PLATFORMS
  ruby
  x86_64-darwin-19

DEPENDENCIES
  mocha (~> 2.3)
  picfisher!
  rake (~> 13.0)
  rubocop (~> 1.21)
  webmock (~> 3.23, >= 3.23.1)

BUNDLED WITH
   2.5.10
